GEM
  remote: https://rubygems.org/
  specs:
    bson (1.7.0)
    bson_ext (1.7.0)
      bson (~> 1.7.0)
    mysql2 (0.3.11)

PLATFORMS
  ruby

DEPENDENCIES
  bson
  bson_ext
  mysql2
